GEM
  remote: https://rubygems.org/
  specs:
    builder (3.2.2)
    colored (1.2)
    cri (2.7.0)
      colored (~> 1.2)
    execjs (2.5.2)
    json (1.8.3)
    kramdown (1.8.0)
    nanoc (3.8.0)
      cri (~> 2.3)
    nanoc-cachebuster (0.3.1)
      nanoc (>= 3.3.0)
    sass (3.4.16)
    uglifier (2.7.1)
      execjs (>= 0.3.0)
      json (>= 1.8.0)

PLATFORMS
  ruby

DEPENDENCIES
  builder
  kramdown
  nanoc
  nanoc-cachebuster
  sass
  uglifier
