GEM
  remote: https://rubygems.org/
  specs:
    builder (3.2.2)
    colored (1.2)
    cri (2.6.1)
      colored (~> 1.2)
    kramdown (1.4.2)
    nanoc (3.7.3)
      cri (~> 2.3)
    nanoc-cachebuster (0.3.1)
      nanoc (>= 3.3.0)
    sass (3.4.6)

PLATFORMS
  ruby

DEPENDENCIES
  builder
  kramdown
  nanoc
  nanoc-cachebuster
  sass
