GEM
  remote: https://rubygems.org/
  specs:
    colored (1.2)
    cri (2.6.1)
      colored (~> 1.2)
    nanoc (3.7.3)
      cri (~> 2.3)
    sass (3.4.4)

PLATFORMS
  ruby

DEPENDENCIES
  nanoc
  sass
